GIT
  remote: https://github.com/BBC-Knowlearn/assured-runner-gem.git
  revision: 4a759b4332d2de41b4a3bc81f3343ba88dc42886
  specs:
    assured-runner (0.0.2)
      rest-assured (>= 1.1.9)
      rest-client (>= 1.6.7)

GEM
  remote: http://rubygems.org/
  specs:
    ZenTest (4.8.2)
    activemodel (3.2.8)
      activesupport (= 3.2.8)
      builder (~> 3.0.0)
    activerecord (3.2.8)
      activemodel (= 3.2.8)
      activesupport (= 3.2.8)
      arel (~> 3.0.2)
      tzinfo (~> 0.3.29)
    activeresource (3.2.8)
      activemodel (= 3.2.8)
      activesupport (= 3.2.8)
    activesupport (3.2.8)
      i18n (~> 0.6)
      multi_json (~> 1.0)
    addressable (2.3.2)
    archive-tar-minitar (0.5.2)
    arel (3.0.2)
    autotest (4.4.6)
      ZenTest (>= 4.4.1)
    autotest-growl (0.2.16)
    builder (3.0.3)
    capybara (1.1.2)
      mime-types (>= 1.16)
      nokogiri (>= 1.3.3)
      rack (>= 1.0.0)
      rack-test (>= 0.5.4)
      selenium-webdriver (~> 2.0)
      xpath (~> 0.1.4)
    childprocess (0.3.5)
      ffi (~> 1.0, >= 1.0.6)
    colorize (0.5.8)
    cucumber (1.2.1)
      builder (>= 2.1.2)
      diff-lcs (>= 1.1.3)
      gherkin (~> 2.11.0)
      json (>= 1.4.6)
    cucumber-sinatra (0.5.0)
      templater (>= 1.0.0)
    daemons (1.1.9)
    dalli (2.2.1)
    diff-lcs (1.1.3)
    domain_name (0.5.3)
      unf (~> 0.0.3)
    equivalent-xml (0.2.9)
      nokogiri (>= 1.4.3)
    eventmachine (1.0.0)
    excon (0.16.2)
    extlib (0.9.15)
    ffi (1.1.5)
    gherkin (2.11.2)
      json (>= 1.4.6)
    haml (3.1.7)
    heroku (2.31.3)
      heroku-api (~> 0.3.5)
      launchy (>= 0.3.2)
      netrc (~> 0.7.7)
      rest-client (~> 1.6.1)
      rubyzip
    heroku-api (0.3.5)
      excon (~> 0.16.1)
    highline (1.6.14)
    hpricot (0.8.6)
    i18n (0.6.1)
    jasmine (1.2.1)
      jasmine-core (>= 1.2.0)
      rack (~> 1.0)
      rspec (>= 1.3.1)
      selenium-webdriver (>= 0.1.3)
    jasmine-core (1.2.0)
    json (1.7.5)
    launchy (2.1.2)
      addressable (~> 2.3)
    libwebsocket (0.1.5)
      addressable
    mechanize (2.5.1)
      domain_name (~> 0.5, >= 0.5.1)
      mime-types (~> 1.17, >= 1.17.2)
      net-http-digest_auth (~> 1.1, >= 1.1.1)
      net-http-persistent (~> 2.5, >= 2.5.2)
      nokogiri (~> 1.4)
      ntlm-http (~> 0.1, >= 0.1.1)
      webrobots (~> 0.0, >= 0.0.9)
    mime-types (1.19)
    multi_json (1.3.6)
    net-http-digest_auth (1.2.1)
    net-http-persistent (2.7)
    netrc (0.7.7)
    nokogiri (1.5.5)
    ntlm-http (0.1.1)
    rack (1.4.1)
    rack-protection (1.2.0)
      rack
    rack-test (0.6.1)
      rack (>= 1.0)
    rake (0.9.2.2)
    rdf (0.3.8)
      addressable (>= 2.2.6)
    rdf-rdfxml (0.3.8)
      rdf (>= 0.3.4)
      rdf-xsd (>= 0.3.5)
    rdf-xsd (0.3.8)
      rdf (>= 0.3.4)
    relish (0.6)
      archive-tar-minitar (>= 0.5.2)
      json (>= 1.4.6)
      rest-client (>= 1.6.1)
    rest-assured (1.1.9)
      activerecord (~> 3.2.0)
      activeresource (~> 3.2.0)
      childprocess (~> 0.3.0)
      haml (>= 3.1.3)
      json
      sinatra (~> 1.3.2)
      sinatra-flash
    rest-client (1.6.7)
      mime-types (>= 1.16)
    rspec (2.11.0)
      rspec-core (~> 2.11.0)
      rspec-expectations (~> 2.11.0)
      rspec-mocks (~> 2.11.0)
    rspec-core (2.11.1)
    rspec-expectations (2.11.3)
      diff-lcs (~> 1.1.3)
    rspec-mocks (2.11.2)
    rubyzip (0.9.9)
    selenium-webdriver (2.25.0)
      childprocess (>= 0.2.5)
      libwebsocket (~> 0.1.3)
      multi_json (~> 1.0)
      rubyzip
    sinatra (1.3.3)
      rack (~> 1.3, >= 1.3.6)
      rack-protection (~> 1.2)
      tilt (~> 1.3, >= 1.3.3)
    sinatra-flash (0.3.0)
      sinatra (>= 1.0.0)
    sqlite3 (1.3.6)
    templater (1.0.0)
      diff-lcs (>= 1.1.2)
      extlib (>= 0.9.5)
      highline (>= 1.4.0)
    thin (1.4.1)
      daemons (>= 1.0.9)
      eventmachine (>= 0.12.6)
      rack (>= 1.0.0)
    tilt (1.3.3)
    tzinfo (0.3.33)
    unf (0.0.5)
      unf_ext
    unf_ext (0.0.5)
    webrobots (0.0.13)
    xpath (0.1.4)
      nokogiri (~> 1.3)

PLATFORMS
  ruby

DEPENDENCIES
  assured-runner!
  autotest (~> 4.4.6)
  autotest-growl
  capybara
  colorize
  cucumber
  cucumber-sinatra
  dalli
  equivalent-xml
  heroku
  hpricot
  jasmine
  json
  mechanize
  rack
  rack-test
  rake
  rdf
  rdf-rdfxml
  relish
  rest-assured
  rest-client
  rspec
  rspec-mocks
  sinatra
  sqlite3
  thin
